PATH
  remote: .
  specs:
    crypto-news-api (1.0.0)

GEM
  remote: http://rubygems.org/
  specs:
    rake (12.3.1)
    rspec (2.0.0.beta.8)
      rspec-core (= 2.0.0.beta.8)
      rspec-expectations (= 2.0.0.beta.8)
      rspec-mocks (= 2.0.0.beta.8)
    rspec-core (2.0.0.beta.8)
    rspec-expectations (2.0.0.beta.8)
    rspec-mocks (2.0.0.beta.8)

PLATFORMS
  ruby

DEPENDENCIES
  crypto-news-api!
  rake
  rspec (= 2.0.0.beta.8)

BUNDLED WITH
   1.16.2
